GEM
  remote: https://rubygems.org/
  specs:
    breakpoint (2.0.7)
      compass (>= 0.12.1)
      sass (>= 3.2.0)
    chunky_png (1.3.1)
    compass (0.12.7)
      chunky_png (~> 1.2)
      fssm (>= 0.2.7)
      sass (~> 3.2.19)
    fssm (0.2.10)
    modular-scale (2.0.5)
      compass (>= 0.12.0)
    sass (3.2.19)
    sass-globbing (1.1.0)
      sass (>= 3.1)
    sassy-math (1.5.1)
      compass (>= 0.11)
    singularity-extras (0.0.3)
      modular-scale (>= 1.0.6)
      sassy-math (>= 1.5)
      singularitygs (>= 0.0.1)
    singularitygs (1.1.2)
      breakpoint (>= 2.0.1)
      compass (>= 0.12.2)
      sass (>= 3.2.1)

PLATFORMS
  ruby
  x64-mingw32

DEPENDENCIES
  breakpoint (~> 2.0.7)
  compass (~> 0.12.3)
  sass-globbing (= 1.1.0)
  singularity-extras (~> 0.0.3)
  singularitygs (~> 1.1.2)
